GEM
  remote: https://rubygems.org/
  specs:
    ast (2.4.0)
    opal (1.0.1)
      ast (>= 2.3.0)
      parser (~> 2.6)
    parser (2.6.5.0)
      ast (~> 2.4.0)
    rake (13.0.1)
    rouge (3.14.0)

PLATFORMS
  ruby

DEPENDENCIES
  opal
  rake
  rouge

BUNDLED WITH
   2.1.0.pre.3
